GEM
  remote: https://rubygems.org/
  specs:
    addressable (2.8.1)
      public_suffix (>= 2.0.2, < 6.0)
    autoprefixer-rails (10.4.13.0)
      execjs (~> 2)
    colorator (1.1.0)
    concurrent-ruby (1.2.2)
    em-websocket (0.5.3)
      eventmachine (>= 0.12.9)
      http_parser.rb (~> 0)
    ethon (0.16.0)
      ffi (>= 1.15.0)
    eventmachine (1.2.7)
    execjs (2.8.1)
    faraday (2.7.4)
      faraday-net_http (>= 2.0, < 3.1)
      ruby2_keywords (>= 0.0.4)
    faraday-net_http (3.0.2)
    fastimage (2.2.6)
    ffi (1.15.5)
    forwardable-extended (2.6.0)
    html-proofer (3.19.4)
      addressable (~> 2.3)
      mercenary (~> 0.3)
      nokogiri (~> 1.13)
      parallel (~> 1.10)
      rainbow (~> 3.0)
      typhoeus (~> 1.3)
      yell (~> 2.0)
    http_parser.rb (0.8.0)
    i18n (1.12.0)
      concurrent-ruby (~> 1.0)
    jekyll (3.9.3)
      addressable (~> 2.4)
      colorator (~> 1.0)
      em-websocket (~> 0.5)
      i18n (>= 0.7, < 2)
      jekyll-sass-converter (~> 1.0)
      jekyll-watch (~> 2.0)
      kramdown (>= 1.17, < 3)
      liquid (~> 4.0)
      mercenary (~> 0.3.3)
      pathutil (~> 0.9)
      rouge (>= 1.7, < 4)
      safe_yaml (~> 1.0)
    jekyll-cloudinary (1.14.1)
      fastimage (~> 2.0)
      jekyll (>= 3.6, < 5)
    jekyll-github-metadata (2.15.0)
      jekyll (>= 3.4, < 5.0)
      octokit (~> 4.0, != 4.4.0)
    jekyll-microtypo (1.2.6)
      jekyll (>= 3.0, < 5.0)
    jekyll-paginate-v2 (1.9.4)
      jekyll (~> 3.0)
    jekyll-sass-converter (1.5.2)
      sass (~> 3.4)
    jekyll-sitemap (1.4.0)
      jekyll (>= 3.7, < 5.0)
    jekyll-watch (2.2.1)
      listen (~> 3.0)
    kramdown (2.4.0)
      rexml
    kramdown-parser-gfm (1.1.0)
      kramdown (~> 2.0)
    liquid (4.0.4)
    liquid-md5 (0.0.3)
      liquid (>= 2.5, < 5.0)
    listen (3.8.0)
      rb-fsevent (~> 0.10, >= 0.10.3)
      rb-inotify (~> 0.9, >= 0.9.10)
    mercenary (0.3.6)
    mini_portile2 (2.8.1)
    nokogiri (1.14.2)
      mini_portile2 (~> 2.8.0)
      racc (~> 1.4)
    octokit (4.25.1)
      faraday (>= 1, < 3)
      sawyer (~> 0.9)
    octopress-autoprefixer (2.0.1)
      autoprefixer-rails
      jekyll (~> 3.0)
    parallel (1.22.1)
    pathutil (0.16.2)
      forwardable-extended (~> 2.6)
    public_suffix (5.0.1)
    racc (1.6.2)
    rainbow (3.1.1)
    rake (12.3.3)
    rb-fsevent (0.11.2)
    rb-inotify (0.10.1)
      ffi (~> 1.0)
    rexml (3.2.5)
    rouge (3.30.0)
    ruby2_keywords (0.0.5)
    safe_yaml (1.0.5)
    sass (3.7.4)
      sass-listen (~> 4.0.0)
    sass-listen (4.0.0)
      rb-fsevent (~> 0.9, >= 0.9.4)
      rb-inotify (~> 0.9, >= 0.9.7)
    sawyer (0.9.2)
      addressable (>= 2.3.5)
      faraday (>= 0.17.3, < 3)
    typhoeus (1.4.0)
      ethon (>= 0.9.0)
    webrick (1.8.1)
    yell (2.2.2)

PLATFORMS
  ruby

DEPENDENCIES
  html-proofer (~> 3.4)
  i18n
  jekyll
  jekyll-cloudinary
  jekyll-github-metadata
  jekyll-microtypo
  jekyll-paginate-v2 (~> 1.8, >= 1.8.1)
  jekyll-sitemap
  kramdown-parser-gfm
  liquid-md5
  octopress-autoprefixer
  rake (~> 12.0)
  webrick (~> 1.7)

RUBY VERSION
   ruby 3.0.0p0

BUNDLED WITH
   2.4.3
